PATH
  remote: .
  specs:
    radon (0.1.0)
      colorize
      rubyzip (~> 1.2)

GEM
  remote: https://rubygems.org/
  specs:
    colorize (0.8.1)
    diff-lcs (1.3)
    rake (10.5.0)
    rspec (3.8.0)
      rspec-core (~> 3.8.0)
      rspec-expectations (~> 3.8.0)
      rspec-mocks (~> 3.8.0)
    rspec-core (3.8.0)
      rspec-support (~> 3.8.0)
    rspec-expectations (3.8.1)
      diff-lcs (>= 1.2.0, < 2.0)
      rspec-support (~> 3.8.0)
    rspec-mocks (3.8.0)
      diff-lcs (>= 1.2.0, < 2.0)
      rspec-support (~> 3.8.0)
    rspec-support (3.8.0)
    rubyzip (1.2.2)

PLATFORMS
  ruby
  x64-mingw32

DEPENDENCIES
  bundler (~> 1.16)
  radon!
  rake (~> 10.0)
  rspec (~> 3.0)

BUNDLED WITH
   1.16.5
